GIT
  remote: git@fitark.org:saturn/rails_kindeditor.git
  revision: 31c641f3b989c558d88addaebedb97ba982b6722
  specs:
    rails_kindeditor (0.4.5)
      carrierwave
      mini_magick

GIT
  remote: https://github.com/sforce100/omniauth-weixin.git
  revision: a3561fa7a1917aef8d407d89b64897ca4037a516
  specs:
    omniauth-weixin (0.0.1)
      omniauth (~> 1.0)
      omniauth-oauth2 (~> 1.1)

GIT
  remote: https://github.com/prawnpdf/prawn.git
  revision: 8028ca0cd2aae8c72df9fc4bf16388948423bcb2
  ref: 8028ca0cd2
  specs:
    prawn (1.0.0.rc2)
      afm
      pdf-reader (~> 1.2)
      ruby-rc4
      ttfunk (~> 1.0.3)

GIT
  remote: git@fitark.org:saturn/jsdicom.git
  revision: 1e3c5e9cf91e63a6e06fc2d2d59056c89d372b7f
  ref: 1e3c5e9c
  specs:
    jsdicom (0.0.7)
      rails (~> 4.0.2)

GIT
  remote: git@fitark.org:saturn/dione.git
  revision: dcebe95970ff5aa0ea42ca4b0d9dbf81614c599f
  ref: dcebe959
  specs:
    dione (1.0.2)
      coffee-rails (= 4.0.1)
      curb
      grim
      jbuilder
      nokogiri (~> 1.6.1)
      prawn
      prawnto_2
      rails (= 4.0.2)
      sass-rails (= 4.0.1)
      sdoc
      turbolinks
      uglifier
      uuidtools

GEM
  remote: http://ruby.taobao.org/
  specs:
    Ascii85 (1.0.2)
    actionmailer (4.0.2)
      actionpack (= 4.0.2)
      mail (~> 2.5.4)
    actionpack (4.0.2)
      activesupport (= 4.0.2)
      builder (~> 3.1.0)
      erubis (~> 2.7.0)
      rack (~> 1.5.2)
      rack-test (~> 0.6.2)
    actionpack-action_caching (1.1.1)
      actionpack (>= 4.0.0, < 5.0)
    actionpack-page_caching (1.0.2)
      actionpack (>= 4.0.0, < 5)
    activemodel (4.0.2)
      activesupport (= 4.0.2)
      builder (~> 3.1.0)
    activerecord (4.0.2)
      activemodel (= 4.0.2)
      activerecord-deprecated_finders (~> 1.0.2)
      activesupport (= 4.0.2)
      arel (~> 4.0.0)
    activerecord-deprecated_finders (1.0.3)
    activesupport (4.0.2)
      i18n (~> 0.6, >= 0.6.4)
      minitest (~> 4.2)
      multi_json (~> 1.3)
      thread_safe (~> 0.1)
      tzinfo (~> 0.3.37)
    addressable (2.3.6)
    afm (0.2.2)
    aliyun-oss-ex (0.7.0.1402831795)
      builder
      mime-types
      xml-simple
    arel (4.0.2)
    bcrypt (3.1.7)
    bcrypt-ruby (3.1.5)
      bcrypt (>= 3.1.3)
    bootstrap-datetimepicker-rails (0.0.11)
    bootstrap-sass (3.0.2.0)
      sass (~> 3.2)
    bootstrap-will_paginate (0.0.10)
      will_paginate
    builder (3.1.4)
    carrierwave (0.10.0)
      activemodel (>= 3.2.0)
      activesupport (>= 3.2.0)
      json (>= 1.7)
      mime-types (>= 1.16)
    coffee-rails (4.0.1)
      coffee-script (>= 2.2.0)
      railties (>= 4.0.0, < 5.0)
    coffee-script (2.3.0)
      coffee-script-source
      execjs
    coffee-script-source (1.8.0)
    cookiejar (0.3.2)
    curb (0.8.6)
    daemons (1.1.9)
    devise (3.3.0)
      bcrypt (~> 3.0)
      orm_adapter (~> 0.1)
      railties (>= 3.2.6, < 5)
      thread_safe (~> 0.1)
      warden (~> 1.2.3)
    eco (1.0.0)
      coffee-script
      eco-source
      execjs
    eco-source (1.1.0.rc.1)
    em-http-request (1.1.2)
      addressable (>= 2.3.4)
      cookiejar
      em-socksify (>= 0.3)
      eventmachine (>= 1.0.3)
      http_parser.rb (>= 0.6.0)
    em-socksify (0.3.0)
      eventmachine (>= 1.0.0.beta.4)
    erubis (2.7.0)
    eventmachine (1.0.3)
    execjs (2.2.1)
    faraday (0.9.0)
      multipart-post (>= 1.2, < 3)
    faye (1.0.3)
      cookiejar (>= 0.3.0)
      em-http-request (>= 0.3.0)
      eventmachine (>= 0.12.0)
      faye-websocket (>= 0.7.0)
      multi_json (>= 1.0.0)
      rack (>= 1.0.0)
      websocket-driver (>= 0.3.0)
    faye-websocket (0.7.4)
      eventmachine (>= 0.12.0)
      websocket-driver (>= 0.3.1)
    grim (1.0.0)
    hashery (2.1.1)
    hashie (3.3.1)
    hike (1.2.3)
    http_parser.rb (0.6.0)
    httparty (0.12.0)
      json (~> 1.8)
      multi_xml (>= 0.5.2)
    i18n (0.6.11)
    iconv (1.0.4)
    jbuilder (2.1.3)
      activesupport (>= 3.0.0, < 5)
      multi_json (~> 1.2)
    jcrop-rails-v2 (0.9.12.3)
    jquery-fileupload-rails (0.4.1)
      actionpack (>= 3.1)
      railties (>= 3.1)
    jquery-rails (3.1.1)
      railties (>= 3.0, < 5.0)
      thor (>= 0.14, < 2.0)
    json (1.8.1)
    jwt (1.0.0)
    kgio (2.9.2)
    mail (2.5.4)
      mime-types (~> 1.16)
      treetop (~> 1.4.8)
    mime-types (1.25.1)
    mina (0.3.0)
      open4
      rake
    mini_magick (3.7.0)
      subexec (~> 0.2.1)
    mini_portile (0.6.0)
    minitest (4.7.5)
    multi_json (1.10.1)
    multi_xml (0.5.5)
    multipart-post (2.0.0)
    mysql2 (0.3.16)
    newrelic_rpm (3.9.3.241)
    nokogiri (1.6.3.1)
      mini_portile (= 0.6.0)
    oauth2 (1.0.0)
      faraday (>= 0.8, < 0.10)
      jwt (~> 1.0)
      multi_json (~> 1.3)
      multi_xml (~> 0.5)
      rack (~> 1.2)
    omniauth (1.2.2)
      hashie (>= 1.2, < 4)
      rack (~> 1.0)
    omniauth-oauth2 (1.2.0)
      faraday (>= 0.8, < 0.10)
      multi_json (~> 1.3)
      oauth2 (~> 1.0)
      omniauth (~> 1.2)
    open4 (1.3.4)
    orm_adapter (0.5.0)
    pdf-reader (1.3.3)
      Ascii85 (~> 1.0.0)
      afm (~> 0.2.0)
      hashery (~> 2.0)
      ruby-rc4
      ttfunk
    pg (0.17.1)
    polyglot (0.3.5)
    prawnto_2 (0.2.6)
      prawn (>= 0.6.0)
      rails (>= 3.1)
    protected_attributes (1.0.8)
      activemodel (>= 4.0.1, < 5.0)
    rack (1.5.2)
    rack-test (0.6.2)
      rack (>= 1.0)
    rails (4.0.2)
      actionmailer (= 4.0.2)
      actionpack (= 4.0.2)
      activerecord (= 4.0.2)
      activesupport (= 4.0.2)
      bundler (>= 1.3.0, < 2.0)
      railties (= 4.0.2)
      sprockets-rails (~> 2.0.0)
    rails-observers (0.1.2)
      activemodel (~> 4.0)
    railties (4.0.2)
      actionpack (= 4.0.2)
      activesupport (= 4.0.2)
      rake (>= 0.8.7)
      thor (>= 0.18.1, < 2.0)
    rainbows (4.6.2)
      kgio (~> 2.5)
      rack (~> 1.1)
      unicorn (~> 4.8)
    raindrops (0.13.0)
    rake (10.3.2)
    rdoc (4.1.1)
      json (~> 1.4)
    rmagick (2.13.3)
    roxml (3.3.1)
      activesupport (>= 2.3.0)
      nokogiri (>= 1.3.3)
    ruby-pinyin (0.2.4)
    ruby-rc4 (0.1.5)
    rufus-scheduler (3.0.8)
      tzinfo
    sass (3.4.1)
    sass-rails (4.0.1)
      railties (>= 4.0.0, < 5.0)
      sass (>= 3.1.10)
      sprockets-rails (~> 2.0.0)
    sdoc (0.4.1)
      json (~> 1.7, >= 1.7.7)
      rdoc (~> 4.0)
    settingslogic (2.0.9)
    sprockets (2.11.0)
      hike (~> 1.2)
      multi_json (~> 1.0)
      rack (~> 1.0)
      tilt (~> 1.1, != 1.3.0)
    sprockets-rails (2.0.1)
      actionpack (>= 3.0)
      activesupport (>= 3.0)
      sprockets (~> 2.8)
    subexec (0.2.3)
    thin (1.6.2)
      daemons (>= 1.0.9)
      eventmachine (>= 1.0.0)
      rack (>= 1.0.0)
    thor (0.19.1)
    thread_safe (0.3.4)
    tilt (1.4.1)
    treetop (1.4.15)
      polyglot
      polyglot (>= 0.3.1)
    ttfunk (1.0.3)
    turbolinks (2.3.0)
      coffee-rails
    tzinfo (0.3.41)
    uglifier (2.5.3)
      execjs (>= 0.3.0)
      json (>= 1.8.0)
    unicorn (4.8.3)
      kgio (~> 2.6)
      rack
      raindrops (~> 0.7)
    uuidtools (2.1.5)
    warden (1.2.3)
      rack (>= 1.0)
    websocket-driver (0.3.4)
    weixin_rails_middleware (1.2.4)
      multi_xml (>= 0.5.2)
      nokogiri (>= 1.6.1)
      rails (>= 3.1)
      railties (>= 3.1)
      roxml
    will_paginate (3.0.7)
    xml-simple (1.1.4)

PLATFORMS
  ruby

DEPENDENCIES
  actionpack-action_caching
  actionpack-page_caching
  aliyun-oss-ex (~> 0.7.0.1402831795)
  bcrypt-ruby (~> 3.1.2)
  bootstrap-datetimepicker-rails (~> 0.0.10)
  bootstrap-sass (= 3.0.2)
  bootstrap-will_paginate
  coffee-rails (= 4.0.1)
  curb
  devise
  dione!
  eco
  faye
  grim
  httparty (~> 0.12.0)
  iconv (~> 1.0.3)
  jbuilder
  jcrop-rails-v2 (~> 0.9.12.3)
  jquery-fileupload-rails
  jquery-rails
  jsdicom!
  mina
  mini_magick (~> 3.7.0)
  mysql2
  newrelic_rpm
  omniauth
  omniauth-weixin!
  pg
  prawn!
  prawnto_2
  protected_attributes
  rails (= 4.0.2)
  rails-observers
  rails_kindeditor!
  rainbows
  rmagick
  ruby-pinyin (~> 0.2.3)
  rufus-scheduler
  sass-rails (= 4.0.1)
  sdoc
  settingslogic (~> 2.0.9)
  sprockets (= 2.11.0)
  thin
  turbolinks
  uglifier (>= 1.3.0)
  unicorn
  uuidtools (~> 2.1.5)
  weixin_rails_middleware
