GIT
  remote: git://github.com/jonmagic/grim.git
  revision: 6e166faed35426b66f852b4d2a2324895de8f835
  ref: 6e166faed35426b66f852b4d2a2324895de8f835
  specs:
    grim (1.0.0)

GIT
  remote: git@fitark.org:saturn/dione.git
  revision: faa89e85e1c2ceda501bf22941a6ad28f57a5ca7
  ref: faa89e85e
  specs:
    dione (1.0.2)
      coffee-rails (= 4.0.1)
      curb
      grim
      jbuilder
      nokogiri (~> 1.6.1)
      prawn
      prawnto_2
      rails (= 4.0.2)
      sass-rails (= 4.0.1)
      sdoc
      turbolinks
      uglifier
      uuidtools

GIT
  remote: git@fitark.org:saturn/jsdicom.git
  revision: 4cb4e40ed1954673fdd193b57af245fb3641a6e3
  ref: 4cb4e40ed
  specs:
    jsdicom (0.0.7)
      rails (~> 4.0.2)

GEM
  remote: http://ruby.taobao.org/
  specs:
    actionmailer (4.0.2)
      actionpack (= 4.0.2)
      mail (~> 2.5.4)
    actionpack (4.0.2)
      activesupport (= 4.0.2)
      builder (~> 3.1.0)
      erubis (~> 2.7.0)
      rack (~> 1.5.2)
      rack-test (~> 0.6.2)
    actionpack-action_caching (1.1.1)
      actionpack (>= 4.0.0, < 5.0)
    actionpack-page_caching (1.0.2)
      actionpack (>= 4.0.0, < 5)
    activemodel (4.0.2)
      activesupport (= 4.0.2)
      builder (~> 3.1.0)
    activerecord (4.0.2)
      activemodel (= 4.0.2)
      activerecord-deprecated_finders (~> 1.0.2)
      activesupport (= 4.0.2)
      arel (~> 4.0.0)
    activerecord-deprecated_finders (1.0.3)
    activesupport (4.0.2)
      i18n (~> 0.6, >= 0.6.4)
      minitest (~> 4.2)
      multi_json (~> 1.3)
      thread_safe (~> 0.1)
      tzinfo (~> 0.3.37)
    addressable (2.3.6)
    arel (4.0.2)
    bcrypt (3.1.7)
    bcrypt-ruby (3.1.5)
      bcrypt (>= 3.1.3)
    bootstrap-datetimepicker-rails (0.0.11)
    bootstrap-sass (3.0.2.0)
      sass (~> 3.2)
    bootstrap-will_paginate (0.0.10)
      will_paginate
    builder (3.1.4)
    coffee-rails (4.0.1)
      coffee-script (>= 2.2.0)
      railties (>= 4.0.0, < 5.0)
    coffee-script (2.2.0)
      coffee-script-source
      execjs
    coffee-script-source (1.7.0)
    cookiejar (0.3.2)
    curb (0.8.5)
    daemons (1.1.9)
    devise (3.2.4)
      bcrypt (~> 3.0)
      orm_adapter (~> 0.1)
      railties (>= 3.2.6, < 5)
      thread_safe (~> 0.1)
      warden (~> 1.2.3)
    eco (1.0.0)
      coffee-script
      eco-source
      execjs
    eco-source (1.1.0.rc.1)
    em-http-request (1.1.2)
      addressable (>= 2.3.4)
      cookiejar
      em-socksify (>= 0.3)
      eventmachine (>= 1.0.3)
      http_parser.rb (>= 0.6.0)
    em-socksify (0.3.0)
      eventmachine (>= 1.0.0.beta.4)
    erubis (2.7.0)
    eventmachine (1.0.3)
    execjs (2.0.2)
    faye (1.0.1)
      cookiejar (>= 0.3.0)
      em-http-request (>= 0.3.0)
      eventmachine (>= 0.12.0)
      faye-websocket (>= 0.7.0)
      multi_json (>= 1.0.0)
      rack (>= 1.0.0)
      websocket-driver (>= 0.3.0)
    faye-websocket (0.7.2)
      eventmachine (>= 0.12.0)
      websocket-driver (>= 0.3.1)
    hike (1.2.3)
    http_parser.rb (0.6.0)
    httparty (0.12.0)
      json (~> 1.8)
      multi_xml (>= 0.5.2)
    i18n (0.6.9)
    jbuilder (2.0.6)
      activesupport (>= 3.0.0, < 5)
      multi_json (~> 1.2)
    jcrop-rails-v2 (0.9.12.3)
    jquery-fileupload-rails (0.4.1)
      actionpack (>= 3.1)
      railties (>= 3.1)
    jquery-rails (3.1.0)
      railties (>= 3.0, < 5.0)
      thor (>= 0.14, < 2.0)
    json (1.8.1)
    kgio (2.9.2)
    mail (2.5.4)
      mime-types (~> 1.16)
      treetop (~> 1.4.8)
    mime-types (1.25.1)
    mina (0.3.0)
      open4
      rake
    mini_magick (3.7.0)
      subexec (~> 0.2.1)
    mini_portile (0.6.0)
    minitest (4.7.5)
    multi_json (1.9.2)
    multi_xml (0.5.5)
    mysql2 (0.3.15)
    nokogiri (1.6.2.1)
      mini_portile (= 0.6.0)
    open4 (1.3.3)
    orm_adapter (0.5.0)
    pdf-core (0.2.5)
    pg (0.17.1)
    polyglot (0.3.4)
    prawn (1.0.0)
      pdf-core (~> 0.2.2)
      ttfunk (~> 1.1.1)
    prawnto_2 (0.2.6)
      prawn (>= 0.6.0)
      rails (>= 3.1)
    protected_attributes (1.0.7)
      activemodel (>= 4.0.1, < 5.0)
    rack (1.5.2)
    rack-test (0.6.2)
      rack (>= 1.0)
    rails (4.0.2)
      actionmailer (= 4.0.2)
      actionpack (= 4.0.2)
      activerecord (= 4.0.2)
      activesupport (= 4.0.2)
      bundler (>= 1.3.0, < 2.0)
      railties (= 4.0.2)
      sprockets-rails (~> 2.0.0)
    rails-observers (0.1.2)
      activemodel (~> 4.0)
    railties (4.0.2)
      actionpack (= 4.0.2)
      activesupport (= 4.0.2)
      rake (>= 0.8.7)
      thor (>= 0.18.1, < 2.0)
    rainbows (4.6.1)
      kgio (~> 2.5)
      rack (~> 1.1)
      unicorn (~> 4.8)
    raindrops (0.13.0)
    rake (10.2.2)
    rdoc (4.1.1)
      json (~> 1.4)
    rmagick (2.13.2)
    ruby-pinyin (0.2.4)
    rufus-scheduler (3.0.7)
      tzinfo
    sass (3.3.4)
    sass-rails (4.0.1)
      railties (>= 4.0.0, < 5.0)
      sass (>= 3.1.10)
      sprockets-rails (~> 2.0.0)
    sdoc (0.4.0)
      json (~> 1.8)
      rdoc (~> 4.0, < 5.0)
    settingslogic (2.0.9)
    sprockets (2.11.0)
      hike (~> 1.2)
      multi_json (~> 1.0)
      rack (~> 1.0)
      tilt (~> 1.1, != 1.3.0)
    sprockets-rails (2.0.1)
      actionpack (>= 3.0)
      activesupport (>= 3.0)
      sprockets (~> 2.8)
    subexec (0.2.3)
    thin (1.6.2)
      daemons (>= 1.0.9)
      eventmachine (>= 1.0.0)
      rack (>= 1.0.0)
    thor (0.19.1)
    thread_safe (0.3.3)
    tilt (1.4.1)
    treetop (1.4.15)
      polyglot
      polyglot (>= 0.3.1)
    ttfunk (1.1.1)
    turbolinks (2.2.2)
      coffee-rails
    tzinfo (0.3.39)
    uglifier (2.5.0)
      execjs (>= 0.3.0)
      json (>= 1.8.0)
    unicorn (4.8.2)
      kgio (~> 2.6)
      rack
      raindrops (~> 0.7)
    uuidtools (2.1.4)
    warden (1.2.3)
      rack (>= 1.0)
    websocket-driver (0.3.2)
    will_paginate (3.0.5)

PLATFORMS
  ruby

DEPENDENCIES
  actionpack-action_caching
  actionpack-page_caching
  bcrypt-ruby (~> 3.1.2)
  bootstrap-datetimepicker-rails (~> 0.0.10)
  bootstrap-sass (= 3.0.2)
  bootstrap-will_paginate
  coffee-rails (= 4.0.1)
  curb
  devise
  dione!
  eco
  faye
  grim!
  httparty (~> 0.12.0)
  jbuilder
  jcrop-rails-v2 (~> 0.9.12.3)
  jquery-fileupload-rails
  jquery-rails
  jsdicom!
  mina
  mini_magick (~> 3.7.0)
  mysql2
  pg
  prawnto_2
  protected_attributes
  rails (= 4.0.2)
  rails-observers
  rainbows
  rmagick
  ruby-pinyin (~> 0.2.3)
  rufus-scheduler
  sass-rails (= 4.0.1)
  sdoc
  settingslogic (~> 2.0.9)
  sprockets (= 2.11.0)
  thin
  turbolinks
  uglifier (>= 1.3.0)
  unicorn
